GEM
  remote: https://rubygems.org/
  specs:
    RedCloth (4.2.9)
    asciidoctor (2.0.10)
    awestruct (0.5.5)
      asciidoctor
      bootstrap-sass (~> 3.1.1.0)
      colorize (~> 0.7.1)
      compass (~> 0.12.4)
      compass-960-plugin (~> 0.10.4)
      git (~> 1.2.6)
      guard-livereload (~> 2.1.2)
      haml (~> 4.0.5)
      listen (~> 2.7.1)
      mime-types (~> 2.1)
      nokogiri (~> 1.5.10)
      rack (~> 1.5.2)
      rest-client (~> 1.6.7)
      ruby-s3cmd (~> 0.1.5)
      tilt (~> 2.0.1)
      zurb-foundation (~> 4.3.2)
    blankslate (2.1.2.4)
    blockenspiel (0.5.0)
    bootstrap-sass (3.1.1.1)
      sass (~> 3.2)
    celluloid (0.17.4)
      celluloid-essentials
      celluloid-extras
      celluloid-fsm
      celluloid-pool
      celluloid-supervision
      timers (>= 4.1.1)
    celluloid-essentials (0.20.5)
      timers (>= 4.1.1)
    celluloid-extras (0.20.5)
      timers (>= 4.1.1)
    celluloid-fsm (0.20.5)
      timers (>= 4.1.1)
    celluloid-pool (0.20.5)
      timers (>= 4.1.1)
    celluloid-supervision (0.20.6)
      timers (>= 4.1.1)
    chunky_png (1.2.9)
    coderay (1.1.3)
    colorize (0.7.7)
    compass (0.12.7)
      chunky_png (~> 1.2)
      fssm (>= 0.2.7)
      sass (~> 3.2.19)
    compass-960-plugin (0.10.4)
      compass (>= 0.10.0)
    em-websocket (0.5.2)
      eventmachine (>= 0.12.9)
      http_parser.rb (~> 0.6.0)
    eventmachine (1.2.7)
    ffi (1.13.1)
    formatador (0.2.5)
    fssm (0.2.8.1)
    git (1.2.9.1)
    guard (2.16.2)
      formatador (>= 0.2.4)
      listen (>= 2.7, < 4.0)
      lumberjack (>= 1.0.12, < 2.0)
      nenv (~> 0.1)
      notiffany (~> 0.0)
      pry (>= 0.9.12)
      shellany (~> 0.0)
      thor (>= 0.18.1)
    guard-livereload (2.1.3)
      em-websocket (~> 0.5)
      guard (~> 2.0)
      multi_json (~> 1.8)
    haml (4.0.7)
      tilt
    hashery (1.4.0)
    hpricot (0.8.6)
    http_parser.rb (0.6.0)
    json (2.3.0)
    listen (2.7.12)
      celluloid (>= 0.15.2)
      rb-fsevent (>= 0.9.3)
      rb-inotify (>= 0.9)
    lumberjack (1.2.8)
    method_source (1.0.0)
    mime-types (2.99.3)
    multi_json (1.15.0)
    nenv (0.3.0)
    nokogiri (1.5.11)
    notiffany (0.1.3)
      nenv (~> 0.1)
      shellany (~> 0.0)
    org-ruby (0.5.3)
      rubypants (>= 0.2.0)
    pry (0.13.1)
      coderay (~> 1.1)
      method_source (~> 1.0)
    rack (1.5.5)
    rb-fsevent (0.10.4)
    rb-inotify (0.10.1)
      ffi (~> 1.0)
    rdiscount (2.2.0.2)
    rest-client (1.6.7)
      mime-types (>= 1.16)
    ruby-s3cmd (0.1.5)
    rubypants (0.2.0)
    sass (3.2.19)
    shellany (0.0.1)
    thor (1.0.1)
    tilt (2.0.10)
    timers (4.3.2)
    versionomy (0.4.4)
      blockenspiel (>= 0.4.5)
    zurb-foundation (4.3.2)
      sass (>= 3.2.0)

PLATFORMS
  ruby

DEPENDENCIES
  RedCloth (~> 4.2.9)
  asciidoctor (>= 0.1.1)
  awestruct (= 0.5.5)
  blankslate (~> 2.1.2.4)
  blockenspiel (~> 0.5.0)
  bootstrap-sass (~> 3.1.1)
  chunky_png (~> 1.2.5)
  compass (~> 0.12.1)
  compass-960-plugin (~> 0.10.4)
  fssm (~> 0.2.8.1)
  git (~> 1.2.5)
  haml (~> 4.0.1)
  hashery (~> 1.4.0)
  hpricot (~> 0.8.6)
  json (~> 2.3.0)
  org-ruby (~> 0.5.3)
  rdiscount (~> 2.2.0.2)
  rubypants (~> 0.2.0)
  sass (~> 3.2)
  versionomy (~> 0.4.3)

BUNDLED WITH
   2.1.4
